GEM
  remote: https://rubygems.org/
  specs:
    bigdecimal (3.1.8)
    daemons (1.4.1)
    eventmachine (1.2.7)
    ffi (1.17.0)
    ffi (1.17.0-aarch64-linux-gnu)
    ffi (1.17.0-aarch64-linux-musl)
    ffi (1.17.0-arm-linux-gnu)
    ffi (1.17.0-arm-linux-musl)
    ffi (1.17.0-arm64-darwin)
    ffi (1.17.0-x86-linux-gnu)
    ffi (1.17.0-x86-linux-musl)
    ffi (1.17.0-x86_64-darwin)
    ffi (1.17.0-x86_64-linux-gnu)
    ffi (1.17.0-x86_64-linux-musl)
    google-protobuf (4.29.1)
      bigdecimal
      rake (>= 13)
    google-protobuf (4.29.1-aarch64-linux)
      bigdecimal
      rake (>= 13)
    google-protobuf (4.29.1-arm64-darwin)
      bigdecimal
      rake (>= 13)
    google-protobuf (4.29.1-x86-linux)
      bigdecimal
      rake (>= 13)
    google-protobuf (4.29.1-x86_64-darwin)
      bigdecimal
      rake (>= 13)
    google-protobuf (4.29.1-x86_64-linux)
      bigdecimal
      rake (>= 13)
    googleapis-common-protos-types (1.16.0)
      google-protobuf (>= 3.18, < 5.a)
    mustermann (2.0.2)
      ruby2_keywords (~> 0.0.1)
    opentelemetry-api (1.1.0)
    opentelemetry-common (0.21.0)
      opentelemetry-api (~> 1.0)
    opentelemetry-exporter-otlp (0.29.1)
      google-protobuf (>= 3.18)
      googleapis-common-protos-types (~> 1.3)
      opentelemetry-api (~> 1.1)
      opentelemetry-common (~> 0.20)
      opentelemetry-sdk (~> 1.2)
      opentelemetry-semantic_conventions
    opentelemetry-registry (0.3.1)
      opentelemetry-api (~> 1.1)
    opentelemetry-sdk (1.6.0)
      opentelemetry-api (~> 1.1)
      opentelemetry-common (~> 0.20)
      opentelemetry-registry (~> 0.2)
      opentelemetry-semantic_conventions
    opentelemetry-semantic_conventions (1.10.1)
      opentelemetry-api (~> 1.0)
    pyroscope (0.5.12)
      ffi
    pyroscope (0.5.12-aarch64-linux)
      ffi
    pyroscope (0.5.12-arm64-darwin)
      ffi
    pyroscope (0.5.12-x86_64-darwin)
      ffi
    pyroscope (0.5.12-x86_64-linux)
      ffi
    pyroscope-otel (0.1.1)
      opentelemetry-api (~> 1.1.0)
      pyroscope (~> 0.5.1)
    rack (2.2.10)
    rack-protection (2.2.4)
      rack
    rake (13.2.1)
    ruby2_keywords (0.0.5)
    sinatra (2.2.4)
      mustermann (~> 2.0)
      rack (~> 2.2)
      rack-protection (= 2.2.4)
      tilt (~> 2.0)
    thin (1.8.2)
      daemons (~> 1.0, >= 1.0.9)
      eventmachine (~> 1.0, >= 1.0.4)
      rack (>= 1, < 3)
    tilt (2.4.0)

PLATFORMS
  aarch64-linux
  aarch64-linux-gnu
  aarch64-linux-musl
  arm-linux-gnu
  arm-linux-musl
  arm64-darwin
  ruby
  x86-linux
  x86-linux-gnu
  x86-linux-musl
  x86_64-darwin
  x86_64-linux
  x86_64-linux-gnu
  x86_64-linux-musl

DEPENDENCIES
  opentelemetry-exporter-otlp
  opentelemetry-sdk
  pyroscope (= 0.5.12)
  pyroscope-otel
  sinatra (~> 2.1)
  thin (~> 1.8)

BUNDLED WITH
   2.5.23
