GEM
  remote: https://rubygems.org/
  specs:
    ffi (1.17.2-aarch64-linux-gnu)
    ffi (1.17.2-arm64-darwin)
    ffi (1.17.2-x86_64-linux-gnu)
    pyroscope (0.5.13)
      ffi
    pyroscope (0.5.13-aarch64-linux)
      ffi
    pyroscope (0.5.13-x86_64-linux)
      ffi

PLATFORMS
  aarch64-linux
  arm64-darwin-22
  x86_64-linux

DEPENDENCIES
  pyroscope (= 0.5.13)

BUNDLED WITH
   2.4.10
