GEM
  remote: https://rubygems.org/
  specs:
    pyroscope (0.1.1)

PLATFORMS
  x86_64-linux

DEPENDENCIES
  pyroscope (= 0.1.1)

BUNDLED WITH
   2.2.15
