GEM
  remote: https://rubygems.org/
  specs:
    ffi (1.16.3)
    pyroscope (0.5.10-aarch64-linux)
      ffi
    pyroscope (0.5.10-arm64-darwin)
      ffi
    pyroscope (0.5.10-x86_64-linux)
      ffi

PLATFORMS
  aarch64-linux
  arm64-darwin-22
  x86_64-linux

DEPENDENCIES
  pyroscope (= 0.5.10)

BUNDLED WITH
   2.4.10
