GEM
  remote: https://rubygems.org/
  specs:
    ffi (1.15.5)
    pyroscope (0.3.0-x86_64-linux)
      ffi

PLATFORMS
  x86_64-linux

DEPENDENCIES
  pyroscope (= 0.3.0)

BUNDLED WITH
   2.3.15
